PATH
  remote: .
  specs:
    application_configuration (0.0.1)

GEM
  remote: http://rubygems.org/
  specs:
    rr (1.0.4)

PLATFORMS
  ruby

DEPENDENCIES
  application_configuration!
  rr
