PATH
  remote: .
  specs:
    application_configuration (0.0.1)

GEM
  remote: http://rubygems.org/
  specs:

PLATFORMS
  ruby

DEPENDENCIES
  application_configuration!
